GEM
  remote: https://rubygems.org/
  specs:
    minitest (5.14.4)

PLATFORMS
  ruby

DEPENDENCIES
  minitest (~> 5.14)

BUNDLED WITH
   2.1.4
